GEM
  remote: http://rubygems.org/
  specs:
    cfoundry (0.1.0)
      json_pure
      rest-client
      rubyzip
    diff-lcs (1.1.3)
    interact (0.4.2)
    json_pure (1.6.6)
    mime-types (1.18)
    rake (0.9.2.2)
    rest-client (1.6.7)
      mime-types (>= 1.16)
    rspec (2.9.0)
      rspec-core (~> 2.9.0)
      rspec-expectations (~> 2.9.0)
      rspec-mocks (~> 2.9.0)
    rspec-core (2.9.0)
    rspec-expectations (2.9.1)
      diff-lcs (~> 1.1.3)
    rspec-mocks (2.9.0)
    rubyzip (0.9.6.1)
    vcap_logging (1.0.0)
      rake

PLATFORMS
  ruby

DEPENDENCIES
  cfoundry
  interact
  rake
  rspec
  vcap_logging (>= 1.0)
