GEM
  remote: http://rubygems.org/
  specs:
    builder (3.0.0)
    cucumber (1.1.3)
      builder (>= 2.1.2)
      diff-lcs (>= 1.1.2)
      gherkin (~> 2.6.7)
      json (>= 1.4.6)
      term-ansicolor (>= 1.0.6)
    curb (0.7.15)
    daemons (1.1.2)
    diff-lcs (1.1.3)
    eventmachine (0.12.10)
    gherkin (2.6.7)
      json (>= 1.4.6)
    highline (1.6.2)
    httpclient (2.1.7.2)
    json (1.4.6)
    json_pure (1.5.4)
      spruz (~> 0.2.8)
    mime-types (1.16)
    nats (0.4.8)
      daemons (>= 1.1.0)
      eventmachine (>= 0.12.10)
      json_pure (>= 1.5.1)
    nokogiri (1.4.4)
    rake (0.8.7)
    rest-client (1.6.7)
      mime-types (>= 1.16)
    rspec (1.3.0)
    rubyzip2 (2.0.1)
    spruz (0.2.13)
    term-ansicolor (1.0.7)
    terminal-table (1.4.3)
    vmc (0.3.13.beta.4)
      json_pure (~> 1.5.1)
      rest-client (< 1.7.0, >= 1.6.1)
      rubyzip2 (~> 2.0.1)
      terminal-table (~> 1.4.2)

PLATFORMS
  ruby

DEPENDENCIES
  cucumber (= 1.1.3)
  curb
  gherkin (= 2.6.7)
  highline
  httpclient
  json
  nats
  nokogiri
  rake
  rest-client
  rspec (= 1.3.0)
  rubyzip2
  terminal-table
  vmc (>= 0.3.13.beta.4)
