GEM
  remote: http://rubygems.org/
  specs:
    addressable (2.2.6)
    async_sinatra (0.5.0)
      rack (>= 1.2.1)
      sinatra (>= 1.0)
    builder (3.0.0)
    caldecott (0.0.4)
      addressable (= 2.2.6)
      async_sinatra (= 0.5.0)
      em-http-request (= 0.3.0)
      em-websocket (= 0.3.1)
      json (= 1.6.1)
      uuidtools (= 2.1.2)
    cucumber (1.1.3)
      builder (>= 2.1.2)
      diff-lcs (>= 1.1.2)
      gherkin (~> 2.6.7)
      json (>= 1.4.6)
      term-ansicolor (>= 1.0.6)
    curb (0.8.0)
    daemons (1.1.6)
    diff-lcs (1.1.3)
    em-http-request (0.3.0)
      addressable (>= 2.0.0)
      escape_utils
      eventmachine (>= 0.12.9)
    em-websocket (0.3.1)
      addressable (>= 2.1.1)
      eventmachine (>= 0.12.9)
    escape_utils (0.2.4)
    eventmachine (0.12.10)
    gherkin (2.6.7)
      json (>= 1.4.6)
    highline (1.6.11)
    httpclient (2.2.4)
    interact (0.4)
    json (1.6.1)
    json_pure (1.6.5)
    mime-types (1.17.2)
    nats (0.4.10)
      daemons (>= 1.1.0)
      eventmachine (>= 0.12.10)
      json_pure (>= 1.5.1)
    nokogiri (1.5.0)
    parallel (0.5.11)
    parallel_tests (0.6.16)
      parallel
    rack (1.4.1)
    rack-protection (1.2.0)
      rack
    rake (0.9.2.2)
    rest-client (1.6.7)
      mime-types (>= 1.16)
    rspec (1.3.0)
    rubyzip (0.9.5)
    sinatra (1.3.2)
      rack (~> 1.3, >= 1.3.6)
      rack-protection (~> 1.2)
      tilt (~> 1.3, >= 1.3.3)
    term-ansicolor (1.0.7)
    terminal-table (1.4.4)
    tilt (1.3.3)
    uuidtools (2.1.2)
    vmc (0.3.16.beta.5)
      addressable (~> 2.2.6)
      interact (~> 0.4.0)
      json_pure (>= 1.5.1, < 1.7.0)
      rest-client (>= 1.6.1, < 1.7.0)
      rubyzip (~> 0.9.4)
      terminal-table (~> 1.4.2)
      uuidtools (~> 2.1.0)

PLATFORMS
  ruby

DEPENDENCIES
  caldecott (~> 0.0.4)
  cucumber (= 1.1.3)
  curb (= 0.8.0)
  gherkin (= 2.6.7)
  highline
  httpclient
  json
  nats
  nokogiri
  parallel (= 0.5.11)
  parallel_tests
  rake
  rest-client
  rspec (= 1.3.0)
  rubyzip (~> 0.9.4)
  terminal-table
  vmc (>= 0.3.16.beta5)
