GEM
  remote: http://rubygems.org/
  specs:
    amqp (0.7.1)
      eventmachine (>= 0.12.4)
    bson (1.2.4)
    eventmachine (0.12.10)
    json (1.4.6)
    mongo (1.2.4)
      bson (>= 1.2.4)
    mysql2 (0.3.2)
    rack (1.2.2)
    redis (2.2.0)
    sinatra (1.2.6)
      rack (~> 1.1)
      tilt (>= 1.2.2, < 2.0)
    tilt (1.3)

PLATFORMS
  ruby

DEPENDENCIES
  amqp
  json
  mongo
  mysql2
  redis
  sinatra
